GEM
  remote: https://rubygems.org/
  specs:
    ast (2.4.2)
    byebug (11.1.3)
    coderay (1.1.3)
    diff-lcs (1.4.4)
    docile (1.4.0)
    ffi (1.15.4)
    formatador (0.3.0)
    guard (2.16.2)
      formatador (>= 0.2.4)
      listen (>= 2.7, < 4.0)
      lumberjack (>= 1.0.12, < 2.0)
      nenv (~> 0.1)
      notiffany (~> 0.0)
      pry (>= 0.9.12)
      shellany (~> 0.0)
      thor (>= 0.18.1)
    guard-compat (1.2.1)
    guard-rspec (4.7.3)
      guard (~> 2.1)
      guard-compat (~> 1.1)
      rspec (>= 2.99.0, < 4.0)
    json (2.3.1)
    listen (3.7.0)
      rb-fsevent (~> 0.10, >= 0.10.3)
      rb-inotify (~> 0.9, >= 0.9.10)
    lumberjack (1.2.8)
    method_source (1.0.0)
    mustermann (1.1.1)
      ruby2_keywords (~> 0.0.1)
    nenv (0.3.0)
    notiffany (0.1.3)
      nenv (~> 0.1)
      shellany (~> 0.0)
    parallel (1.21.0)
    parser (3.0.2.0)
      ast (~> 2.4.1)
    pry (0.14.1)
      coderay (~> 1.1)
      method_source (~> 1.0)
    rack (2.2.3)
    rack-protection (2.1.0)
      rack
    rack-test (1.1.0)
      rack (>= 1.0, < 3)
    rainbow (3.0.0)
    rake (13.0.1)
    rb-fsevent (0.11.0)
    rb-inotify (0.10.1)
      ffi (~> 1.0)
    rb-readline (0.5.5)
    regexp_parser (2.1.1)
    rexml (3.2.5)
    rspec (3.9.0)
      rspec-core (~> 3.9.0)
      rspec-expectations (~> 3.9.0)
      rspec-mocks (~> 3.9.0)
    rspec-core (3.9.3)
      rspec-support (~> 3.9.3)
    rspec-expectations (3.9.4)
      diff-lcs (>= 1.2.0, < 2.0)
      rspec-support (~> 3.9.0)
    rspec-mocks (3.9.1)
      diff-lcs (>= 1.2.0, < 2.0)
      rspec-support (~> 3.9.0)
    rspec-support (3.9.4)
    rubocop (0.91.0)
      parallel (~> 1.10)
      parser (>= 2.7.1.1)
      rainbow (>= 2.2.2, < 4.0)
      regexp_parser (>= 1.7)
      rexml
      rubocop-ast (>= 0.4.0, < 1.0)
      ruby-progressbar (~> 1.7)
      unicode-display_width (>= 1.4.0, < 2.0)
    rubocop-ast (0.8.0)
      parser (>= 2.7.1.5)
    rubocop-rspec (1.43.2)
      rubocop (~> 0.87)
    ruby-progressbar (1.11.0)
    ruby2_keywords (0.0.5)
    shellany (0.0.1)
    simplecov (0.19.0)
      docile (~> 1.1)
      simplecov-html (~> 0.11)
    simplecov-html (0.12.3)
    sinatra (2.1.0)
      mustermann (~> 1.0)
      rack (~> 2.2)
      rack-protection (= 2.1.0)
      tilt (~> 2.0)
    thor (1.1.0)
    tilt (2.0.10)
    unicode-display_width (1.8.0)

PLATFORMS
  x86_64-darwin-19

DEPENDENCIES
  byebug (= 11.1.3)
  guard (= 2.16.2)
  guard-rspec (= 4.7.3)
  json (= 2.3.1)
  rack-test (= 1.1.0)
  rake (= 13.0.1)
  rb-readline (= 0.5.5)
  rspec (= 3.9.0)
  rubocop (= 0.91.0)
  rubocop-rspec (= 1.43.2)
  simplecov (= 0.19.0)
  sinatra (= 2.1.0)

RUBY VERSION
   ruby 2.5.7p206

BUNDLED WITH
   2.2.6
